GEM
  remote: https://rubygems.org/
  specs:
    atoulme-Antwrap (0.7.5)
      rjb (>= 1.0.3)
    builder (3.2.2)
    buildr (1.5.4)
      atoulme-Antwrap (= 0.7.5)
      builder (= 3.2.2)
      bundler
      diff-lcs (= 1.2.5)
      json_pure (= 1.8.3)
      minitar (= 0.5.4)
      net-sftp (= 2.1.2)
      net-ssh (= 3.1.1)
      rake (= 0.9.2.2)
      rjb (= 1.5.4)
      rubyzip (= 1.2.0)
      xml-simple (= 1.1.5)
    diff-lcs (1.2.5)
    json_pure (1.8.3)
    minitar (0.5.4)
    net-sftp (2.1.2)
      net-ssh (>= 2.6.5)
    net-ssh (3.1.1)
    rake (0.9.2.2)
    rjb (1.5.4)
    rubyzip (1.2.0)
    xml-simple (1.1.5)

PLATFORMS
  ruby

DEPENDENCIES
  buildr (>= 1.5.3)
